GIT
  remote: https://github.com/annacruz/ofx
  revision: d12805f04f217618d442f32e1add04c08aaa54b7
  ref: d12805f
  specs:
    ofx (0.3.3)
      nokogiri (~> 1.13.1)

GEM
  remote: http://rubygems.org/
  specs:
    byebug (11.1.3)
    coderay (1.1.3)
    daemons (1.4.1)
    eventmachine (1.2.7)
    method_source (1.0.0)
    mini_portile2 (2.8.0)
    minitest (5.16.3)
    mustermann (2.0.2)
      ruby2_keywords (~> 0.0.1)
    nokogiri (1.13.8)
      mini_portile2 (~> 2.8.0)
      racc (~> 1.4)
    pry (0.14.1)
      coderay (~> 1.1)
      method_source (~> 1.0)
    racc (1.6.0)
    rack (2.2.4)
    rack-protection (2.2.2)
      rack
    rack-test (2.0.2)
      rack (>= 1.3)
    rake (13.0.6)
    rouge (3.30.0)
    ruby2_keywords (0.0.5)
    sinatra (2.2.2)
      mustermann (~> 2.0)
      rack (~> 2.2)
      rack-protection (= 2.2.2)
      tilt (~> 2.0)
    slim (4.1.0)
      temple (>= 0.7.6, < 0.9)
      tilt (>= 2.0.6, < 2.1)
    temple (0.8.2)
    thin (1.8.1)
      daemons (~> 1.0, >= 1.0.9)
      eventmachine (~> 1.0, >= 1.0.4)
      rack (>= 1, < 3)
    tilt (2.0.11)
    triez (1.0.6)
    webrat (0.7.3)
      nokogiri (>= 1.2.0)
      rack (>= 1.0)
      rack-test (>= 0.5.3)

PLATFORMS
  ruby

DEPENDENCIES
  byebug
  minitest
  ofx!
  pry
  rack-test
  rake
  rouge
  sinatra
  slim
  thin
  tilt
  triez
  webrat

RUBY VERSION
   ruby 3.1.2p20

BUNDLED WITH
   2.3.21
